GEM
  remote: https://rubygems.org/
  specs:
    coderay (1.1.3)
    ffi (1.16.3)
    liquid (5.4.0)
    method_source (1.0.0)
    pry (0.14.2)
      coderay (~> 1.1)
      method_source (~> 1.0)
    ruby-vips (2.2.0)
      ffi (~> 1.12)

PLATFORMS
  arm64-darwin-21

DEPENDENCIES
  liquid
  pry
  ruby-vips

RUBY VERSION
   ruby 3.2.1p31

BUNDLED WITH
   2.5.6
