GEM
  remote: https://rubygems.org/
  specs:
    ffi (1.16.3)
    liquid (5.4.0)
    liquid-c (4.2.0)
      liquid (>= 5.0.1)
    ruby-vips (2.2.0)
      ffi (~> 1.12)

PLATFORMS
  arm64-darwin-21

DEPENDENCIES
  liquid
  liquid-c
  ruby-vips

RUBY VERSION
   ruby 3.2.1p31

BUNDLED WITH
   2.5.6
